PATH
  remote: .
  specs:
    webvtt-ruby (0.4.0)

GEM
  remote: https://rubygems.org/
  specs:
    minitest (5.7.0)

PLATFORMS
  ruby

DEPENDENCIES
  minitest
  webvtt-ruby!

BUNDLED WITH
   2.3.7
